PATH
  remote: .
  specs:
    sunspot-rails-http-basic-auth (0.0.2)
      sunspot_rails (~> 1.3.0.rc4)

GEM
  remote: http://rubygems.org/
  specs:
    builder (3.0.0)
    diff-lcs (1.1.3)
    escape (0.0.4)
    fakeweb (1.3.0)
    nokogiri (1.5.0)
    pr_geohash (1.0.0)
    rsolr (1.0.2)
      builder (>= 2.1.2)
    rspec (2.6.0)
      rspec-core (~> 2.6.0)
      rspec-expectations (~> 2.6.0)
      rspec-mocks (~> 2.6.0)
    rspec-core (2.6.4)
    rspec-expectations (2.6.0)
      diff-lcs (~> 1.1.2)
    rspec-mocks (2.6.0)
    sunspot (1.3.0.rc4)
      escape (= 0.0.4)
      pr_geohash (~> 1.0)
      rsolr (= 1.0.2)
    sunspot_rails (1.3.0.rc4)
      nokogiri
      sunspot (= 1.3.0.rc4)

PLATFORMS
  ruby

DEPENDENCIES
  fakeweb
  rspec (~> 2.5)
  sunspot-rails-http-basic-auth!
